GIT
  remote: git://github.com/hysios/carrierwave.git
  revision: 21ded249df8447c094e987e9b46682fafa613aec
  branch: mount-multiple
  specs:
    carrierwave (0.10.0)
      activemodel (>= 3.2.0)
      activesupport (>= 3.2.0)
      json (>= 1.7)
      mime-types (>= 1.16)

GIT
  remote: git://github.com/hysios/weixin_authorize.git
  revision: 52bf2cb5137134f26148e976c9199c5247a3feaf
  specs:
    weixin_authorize (1.6.3)
      carrierwave (>= 0.10.0)
      mini_magick (>= 3.7.0)
      redis (>= 3.1.0)
      rest-client (>= 1.6.7)
      yajl-ruby (>= 1.2.0)

GIT
  remote: git://github.com/ifad/data-confirm-modal.git
  revision: 931cab3b269c6dab301245be2b2d738b243ba169
  specs:
    data-confirm-modal (1.0.2)
      railties (>= 3.0)

GIT
  remote: git://github.com/nilbus/select2-rails.git
  revision: 76cde61261c05ac96a286c9b51c1e2ee4da5473d
  branch: full
  specs:
    select2-rails (4.0.0)
      thor (~> 0.14)

GIT
  remote: git://github.com/pokonski/public_activity.git
  revision: a046a668230055a68268540249c60460d86171c9
  specs:
    public_activity (2.0)
      actionpack (>= 3.0.0)
      activerecord (>= 3.0)
      i18n (>= 0.5.0)
      railties (>= 3.0.0)

GIT
  remote: https://github.com/rails/rails-observers.git
  revision: 876c522184a4ed26d564833f496ef1bfa7af654a
  specs:
    rails-observers (0.1.3.alpha)
      activemodel (>= 4.0)

GEM
  remote: https://ruby.taobao.org/
  specs:
    ace-rails-ap (4.0.0)
    actionmailer (4.2.0)
      actionpack (= 4.2.0)
      actionview (= 4.2.0)
      activejob (= 4.2.0)
      mail (~> 2.5, >= 2.5.4)
      rails-dom-testing (~> 1.0, >= 1.0.5)
    actionpack (4.2.0)
      actionview (= 4.2.0)
      activesupport (= 4.2.0)
      rack (~> 1.6.0)
      rack-test (~> 0.6.2)
      rails-dom-testing (~> 1.0, >= 1.0.5)
      rails-html-sanitizer (~> 1.0, >= 1.0.1)
    actionpack-action_caching (1.1.1)
      actionpack (>= 4.0.0, < 5.0)
    actionpack-page_caching (1.0.2)
      actionpack (>= 4.0.0, < 5)
    actionview (4.2.0)
      activesupport (= 4.2.0)
      builder (~> 3.1)
      erubis (~> 2.7.0)
      rails-dom-testing (~> 1.0, >= 1.0.5)
      rails-html-sanitizer (~> 1.0, >= 1.0.1)
    activejob (4.2.0)
      activesupport (= 4.2.0)
      globalid (>= 0.3.0)
    activemodel (4.2.0)
      activesupport (= 4.2.0)
      builder (~> 3.1)
    activerecord (4.2.0)
      activemodel (= 4.2.0)
      activesupport (= 4.2.0)
      arel (~> 6.0)
    activeresource (4.0.0)
      activemodel (~> 4.0)
      activesupport (~> 4.0)
      rails-observers (~> 0.1.1)
    activesupport (4.2.0)
      i18n (~> 0.7)
      json (~> 1.7, >= 1.7.7)
      minitest (~> 5.1)
      thread_safe (~> 0.3, >= 0.3.4)
      tzinfo (~> 1.1)
    acts-as-taggable-on (3.5.0)
      activerecord (>= 3.2, < 5)
    ancestry (2.1.0)
      activerecord (>= 3.0.0)
    arel (6.0.3)
    autoprefixer-rails (5.2.1)
      execjs
      json
    awesome_nested_set (3.0.2)
      activerecord (>= 4.0.0, < 5)
    axiom-types (0.1.1)
      descendants_tracker (~> 0.0.4)
      ice_nine (~> 0.11.0)
      thread_safe (~> 0.3, >= 0.3.1)
    bcrypt (3.1.10)
    best_in_place (3.0.3)
      actionpack (>= 3.2)
      railties (>= 3.2)
    bh (1.3.4)
      actionpack
      activesupport
    binding_of_caller (0.7.2)
      debug_inspector (>= 0.0.1)
    bootstrap-sass (3.3.5.1)
      autoprefixer-rails (>= 5.0.0.1)
      sass (>= 3.3.0)
    bootstrap3-datetimepicker-rails (4.15.35)
      momentjs-rails (>= 2.8.1)
    bootsy (2.1.0)
      carrierwave (~> 0.10)
      mini_magick (~> 4.0)
      remotipart (~> 1.2)
    builder (3.2.2)
    byebug (4.0.3)
      columnize (= 0.9.0)
    carrierwave-upyun (0.2.1)
      carrierwave (>= 0.5.7)
      faraday (>= 0.8.0)
    celluloid (0.16.0)
      timers (~> 4.0.0)
    china_city (0.0.4)
      jquery-rails
      rails (>= 3.1.0)
    chinese_pinyin (1.0.0)
    coderay (1.1.0)
    coercible (1.0.0)
      descendants_tracker (~> 0.0.1)
    coffee-rails (4.1.0)
      coffee-script (>= 2.2.0)
      railties (>= 4.0.0, < 5.0)
    coffee-script (2.3.0)
      coffee-script-source
      execjs
    coffee-script-source (1.9.1)
    columnize (0.9.0)
    composite_primary_keys (8.1.1)
      activerecord (~> 4.2.0)
    connection_pool (2.2.0)
    daemons (1.2.3)
    debug_inspector (0.0.2)
    descendants_tracker (0.0.4)
      thread_safe (~> 0.3, >= 0.3.1)
    devise (3.4.0)
      bcrypt (~> 3.0)
      orm_adapter (~> 0.1)
      railties (>= 3.2.6, < 5)
      responders
      thread_safe (~> 0.1)
      warden (~> 1.2.3)
    devise-async (0.10.1)
      devise (~> 3.2)
    diff-lcs (1.2.5)
    elasticsearch (1.0.12)
      elasticsearch-api (= 1.0.12)
      elasticsearch-transport (= 1.0.12)
    elasticsearch-api (1.0.12)
      multi_json
    elasticsearch-model (0.1.7)
      activesupport (> 3)
      elasticsearch (> 0.4)
      hashie
    elasticsearch-persistence (0.1.7)
      activemodel (> 3)
      activesupport (> 3)
      elasticsearch (> 0.4)
      elasticsearch-model (>= 0.1)
      hashie
      virtus
    elasticsearch-rails (0.1.6)
    elasticsearch-transport (1.0.12)
      faraday
      multi_json
    element_factory (0.1.4)
      activesupport (>= 3.1, < 5.0)
    em-hiredis (0.3.0)
      eventmachine (~> 1.0)
      hiredis (~> 0.5.0)
    em-redis (0.3.0)
      eventmachine
    em-synchrony (1.0.4)
      eventmachine (>= 1.0.0.beta.1)
    equalizer (0.0.11)
    erubis (2.7.0)
    eventmachine (1.0.8)
    execjs (2.4.0)
    factory_girl (4.5.0)
      activesupport (>= 3.0.0)
    factory_girl_rails (4.5.0)
      factory_girl (~> 4.5.0)
      railties (>= 3.0.0)
    faraday (0.9.1)
      multipart-post (>= 1.2, < 3)
    ffi (1.9.10)
    formatador (0.2.5)
    globalid (0.3.6)
      activesupport (>= 4.1.0)
    google-analytics-rails (0.0.6)
    guard (2.12.8)
      formatador (>= 0.2.4)
      listen (>= 2.7, <= 4.0)
      lumberjack (~> 1.0)
      nenv (~> 0.1)
      notiffany (~> 0.0)
      pry (>= 0.9.12)
      shellany (~> 0.0)
      thor (>= 0.18.1)
    guard-compat (1.2.1)
    guard-rails (0.7.1)
      guard (~> 2.11)
      guard-compat (~> 1.0)
    guard-rspec (4.5.0)
      guard (~> 2.1)
      guard-compat (~> 1.1)
      rspec (>= 2.99.0, < 4.0)
    guard-sidekiq (0.1.0)
      guard (>= 2)
      sidekiq
    hashdiff (0.2.2)
    hashie (3.4.2)
    hiredis (0.5.2)
    hitimes (1.2.2)
    httpclient (2.6.0.1)
    i18n (0.7.0)
    ice_nine (0.11.1)
    jbuilder (2.2.12)
      activesupport (>= 3.0.0, < 5)
      multi_json (~> 1.2)
    jquery-rails (4.0.3)
      rails-dom-testing (~> 1.0)
      railties (>= 4.2.0)
      thor (>= 0.14, < 2.0)
    jquery-turbolinks (2.1.0)
      railties (>= 3.1.0)
      turbolinks
    jquery-ui-rails (5.0.3)
      railties (>= 3.2.16)
    json (1.8.3)
    json-patch (1.0.0)
    jwt (0.1.11)
      multi_json (>= 1.5)
    kaminari (0.16.3)
      actionpack (>= 3.0.0)
      activesupport (>= 3.0.0)
    kgio (2.10.0)
    liquid (3.0.6)
    liquid-rails (0.1.2)
      kaminari (~> 0.16.1)
      liquid (>= 3.0.0)
      rails (>= 3.2)
    listen (3.0.2)
      rb-fsevent (>= 0.9.3)
      rb-inotify (>= 0.9)
    loofah (2.0.3)
      nokogiri (>= 1.5.9)
    loofah-activerecord (1.2.0)
      loofah (>= 1.0.0)
    lumberjack (1.0.9)
    mail (2.6.3)
      mime-types (>= 1.16, < 3)
    meta-tags (2.0.0)
      actionpack (>= 3.0.0)
    method_source (0.8.2)
    mime-types (2.99)
    mini_magick (4.2.7)
    mini_portile2 (2.0.0)
    minitest (5.8.3)
    mobylette (3.5)
      actionpack (>= 3.0)
    momentjs-rails (2.10.3)
      railties (>= 3.1)
    msgpack (0.5.12)
    multi_json (1.11.1)
    multi_xml (0.5.5)
    multipart-post (2.0.0)
    nenv (0.2.0)
    netrc (0.10.2)
    nido (1.0.0)
    nokogiri (1.6.7)
      mini_portile2 (~> 2.0.0.rc2)
    notiffany (0.0.6)
      nenv (~> 0.1)
      shellany (~> 0.0)
    nprogress-rails (0.1.6.7)
    oauth2 (0.9.3)
      faraday (>= 0.8, < 0.10)
      jwt (~> 0.1.8)
      multi_json (~> 1.3)
      multi_xml (~> 0.5)
      rack (~> 1.2)
    ohm (2.3.0)
      msgpack (~> 0.5.0)
      nido
      redic (~> 1.5.0)
      stal
    ohm-contrib (2.2.0)
      ohm (~> 2.2)
    oj (2.13.1)
    oj_mimic_json (1.0.1)
    omniauth (1.2.2)
      hashie (>= 1.2, < 4)
      rack (~> 1.0)
    omniauth-oauth2 (1.1.2)
      faraday (>= 0.8, < 0.10)
      multi_json (~> 1.3)
      oauth2 (~> 0.9.3)
      omniauth (~> 1.2)
    omniauth-wechat-oauth2 (0.1.0)
      omniauth (~> 1.0)
      omniauth-oauth2 (~> 1.0)
    orm_adapter (0.5.0)
    pg (0.18.1)
    photoswipe-rails (4.1.0)
    picturefill (0.1.3)
    poseidon (0.0.5)
    pry (0.10.1)
      coderay (~> 1.1.0)
      method_source (~> 0.8.1)
      slop (~> 3.4)
    punching_bag (0.4.0)
      railties (>= 3.2, < 5)
      voight_kampff (~> 0.2)
    rack (1.6.4)
    rack-attack (4.3.0)
      rack
    rack-cors (0.4.0)
    rack-raw-upload (1.1.1)
      multi_json
    rack-test (0.6.3)
      rack (>= 1.0)
    rails (4.2.0)
      actionmailer (= 4.2.0)
      actionpack (= 4.2.0)
      actionview (= 4.2.0)
      activejob (= 4.2.0)
      activemodel (= 4.2.0)
      activerecord (= 4.2.0)
      activesupport (= 4.2.0)
      bundler (>= 1.3.0, < 2.0)
      railties (= 4.2.0)
      sprockets-rails
    rails-api (0.4.0)
      actionpack (>= 3.2.11)
      railties (>= 3.2.11)
    rails-backup-migrate (0.0.12)
      activerecord (>= 2.3)
    rails-deprecated_sanitizer (1.0.3)
      activesupport (>= 4.2.0.alpha)
    rails-dom-testing (1.0.7)
      activesupport (>= 4.2.0.beta, < 5.0)
      nokogiri (~> 1.6.0)
      rails-deprecated_sanitizer (>= 1.0.1)
    rails-html-sanitizer (1.0.2)
      loofah (~> 2.0)
    rails_config (0.4.2)
      activesupport (>= 3.0)
    railties (4.2.0)
      actionpack (= 4.2.0)
      activesupport (= 4.2.0)
      rake (>= 0.8.7)
      thor (>= 0.18.1, < 2.0)
    raindrops (0.15.0)
    rake (10.4.2)
    rb-fsevent (0.9.5)
    rb-inotify (0.9.5)
      ffi (>= 0.5.0)
    rdoc (4.2.0)
    redic (1.5.0)
      hiredis
    redis (3.2.1)
    redis-actionpack (4.0.1)
      actionpack (~> 4)
      redis-rack (~> 1.5.0)
      redis-store (~> 1.1.0)
    redis-activesupport (4.1.5)
      activesupport (>= 3, < 5)
      redis-store (~> 1.1.0)
    redis-namespace (1.5.2)
      redis (~> 3.0, >= 3.0.4)
    redis-objects (1.2.1)
      redis (>= 3.0.2)
    redis-rack (1.5.0)
      rack (~> 1.5)
      redis-store (~> 1.1.0)
    redis-rails (4.0.0)
      redis-actionpack (~> 4)
      redis-activesupport (~> 4)
      redis-store (~> 1.1.0)
    redis-store (1.1.7)
      redis (>= 2.2)
    remotipart (1.2.1)
    responders (2.1.0)
      railties (>= 4.2.0, < 5)
    rest-client (1.7.2)
      mime-types (>= 1.16, < 3.0)
      netrc (~> 0.7)
    rspec (3.2.0)
      rspec-core (~> 3.2.0)
      rspec-expectations (~> 3.2.0)
      rspec-mocks (~> 3.2.0)
    rspec-core (3.2.2)
      rspec-support (~> 3.2.0)
    rspec-expectations (3.2.0)
      diff-lcs (>= 1.2.0, < 2.0)
      rspec-support (~> 3.2.0)
    rspec-mocks (3.2.1)
      diff-lcs (>= 1.2.0, < 2.0)
      rspec-support (~> 3.2.0)
    rspec-rails (3.2.1)
      actionpack (>= 3.0, < 4.3)
      activesupport (>= 3.0, < 4.3)
      railties (>= 3.0, < 4.3)
      rspec-core (~> 3.2.0)
      rspec-expectations (~> 3.2.0)
      rspec-mocks (~> 3.2.0)
      rspec-support (~> 3.2.0)
    rspec-support (3.2.2)
    ruby-ole (1.2.12)
    sass (3.4.15)
    sass-rails (5.0.4)
      railties (>= 4.0.0, < 5.0)
      sass (~> 3.1)
      sprockets (>= 2.8, < 4.0)
      sprockets-rails (>= 2.0, < 4.0)
      tilt (>= 1.1, < 3)
    scoped_search (3.2.1)
      activerecord (>= 3.2.0)
    sdoc (0.4.1)
      json (~> 1.7, >= 1.7.7)
      rdoc (~> 4.0)
    shellany (0.0.1)
    sidekiq (3.4.2)
      celluloid (~> 0.16.0)
      connection_pool (~> 2.2, >= 2.2.0)
      json (~> 1.0)
      redis (~> 3.2, >= 3.2.1)
      redis-namespace (~> 1.5, >= 1.5.2)
    slim (3.0.6)
      temple (~> 0.7.3)
      tilt (>= 1.3.3, < 2.1)
    slim-rails (3.0.1)
      actionmailer (>= 3.1, < 5.0)
      actionpack (>= 3.1, < 5.0)
      activesupport (>= 3.1, < 5.0)
      railties (>= 3.1, < 5.0)
      slim (~> 3.0)
    slop (3.6.0)
    spreadsheet (1.1.1)
      ruby-ole (>= 1.0)
    spring (1.3.6)
    spring-commands-teaspoon (0.0.2)
      spring (>= 0.9.1)
    sprockets (3.4.1)
      rack (> 1, < 3)
    sprockets-rails (2.3.3)
      actionpack (>= 3.0)
      activesupport (>= 3.0)
      sprockets (>= 2.8, < 4.0)
    stal (0.1.0)
      redic
    table_cloth (0.4.3)
      actionpack (>= 3.1, < 5.0)
      element_factory (~> 0.1.3)
    table_print (1.5.4)
    teaspoon (1.0.2)
      railties (>= 3.2.5, < 5)
    teaspoon-jasmine (2.2.0)
      teaspoon (>= 1.0.0)
    temple (0.7.6)
    thin (1.6.4)
      daemons (~> 1.0, >= 1.0.9)
      eventmachine (~> 1.0, >= 1.0.4)
      rack (~> 1.0)
    thor (0.19.1)
    thread_safe (0.3.5)
    tilt (2.0.1)
    timers (4.0.1)
      hitimes
    turbolinks (2.5.3)
      coffee-rails
    tzinfo (1.2.2)
      thread_safe (~> 0.1)
    uglifier (2.7.1)
      execjs (>= 0.3.0)
      json (>= 1.8.0)
    unicorn (5.0.1)
      kgio (~> 2.6)
      rack
      raindrops (~> 0.7)
    virtus (1.0.5)
      axiom-types (~> 0.1)
      coercible (~> 1.0)
      descendants_tracker (~> 0.0, >= 0.0.3)
      equalizer (~> 0.0, >= 0.0.9)
    voight_kampff (0.2.2)
      httpclient (~> 2.2)
      nokogiri (~> 1.6)
    warden (1.2.3)
      rack (>= 1.0)
    web-console (2.1.2)
      activemodel (>= 4.0)
      binding_of_caller (>= 0.7.2)
      railties (>= 4.0)
      sprockets-rails (>= 2.0, < 4.0)
    yajl-ruby (1.2.1)

PLATFORMS
  ruby

DEPENDENCIES
  ace-rails-ap
  actionpack-action_caching
  actionpack-page_caching
  activeresource
  acts-as-taggable-on (~> 3.4)
  ancestry
  awesome_nested_set
  best_in_place (~> 3.0.1)
  bh (~> 1.3)
  bootstrap-sass (~> 3.3.5)
  bootstrap3-datetimepicker-rails (~> 4.15.35)
  bootsy
  byebug
  carrierwave!
  carrierwave-upyun (= 0.2.1)
  china_city
  chinese_pinyin
  coffee-rails (~> 4.1.0)
  composite_primary_keys
  data-confirm-modal!
  devise (= 3.4.0)
  devise-async
  elasticsearch-model
  elasticsearch-persistence
  elasticsearch-rails
  em-hiredis
  em-redis
  em-synchrony
  factory_girl_rails
  google-analytics-rails
  guard-rails
  guard-rspec
  guard-sidekiq
  hashdiff
  hiredis (~> 0.5.0)
  jbuilder (~> 2.0)
  jquery-rails
  jquery-turbolinks
  jquery-ui-rails
  json-patch
  jwt
  kaminari
  liquid-rails
  loofah-activerecord
  meta-tags
  mini_magick (~> 4.2.7)
  mobylette
  momentjs-rails (>= 2.9.0)
  nprogress-rails
  ohm
  ohm-contrib
  oj
  oj_mimic_json
  omniauth
  omniauth-wechat-oauth2
  pg
  photoswipe-rails (~> 4.1.0)
  picturefill
  poseidon
  public_activity!
  punching_bag
  rack-attack
  rack-cors
  rack-raw-upload (~> 1.1.1)
  rails (= 4.2.0)
  rails-api
  rails-backup-migrate
  rails-observers!
  rails_config (~> 0.4.2)
  redis (>= 3.2.0)
  redis-objects
  redis-rails
  rest-client
  rspec-rails (~> 3.0)
  sass-rails
  scoped_search
  sdoc (~> 0.4.0)
  select2-rails (>= 4.0.0)!
  sidekiq
  slim-rails
  spreadsheet
  spring
  spring-commands-teaspoon
  table_cloth
  table_print
  teaspoon-jasmine
  thin
  turbolinks
  uglifier (>= 1.3.0)
  unicorn
  web-console (~> 2.0)
  weixin_authorize!

BUNDLED WITH
   1.10.6
